GEM
  remote: https://rubygems.org/
  specs:
    coderay (1.0.7)
    diff-lcs (1.1.3)
    growl (1.0.3)
    guard (1.6.1)
      listen (>= 0.6.0)
      lumberjack (>= 1.0.2)
      pry (>= 0.9.10)
      thor (>= 0.14.6)
    guard-bundler (1.0.0)
      bundler (~> 1.0)
      guard (~> 1.1)
    guard-rack (1.2.2)
      growl (~> 1.0.3)
      guard (~> 1.1)
      rb-fsevent (>= 0.3.9)
    listen (0.7.0)
    lumberjack (1.0.2)
    method_source (0.8)
    mime-types (1.19)
    net-http-spy (0.2.1)
    nokogiri (1.5.5)
    pry (0.9.10)
      coderay (~> 1.0.5)
      method_source (~> 0.8)
      slop (~> 3.3.1)
    puma (1.6.3)
      rack (~> 1.2)
    rack (1.4.1)
    rack-test (0.6.2)
      rack (>= 1.0)
    rake (0.9.2.2)
    rb-fsevent (0.9.2)
    rest-client (1.6.7)
      mime-types (>= 1.16)
    rspec (2.12.0)
      rspec-core (~> 2.12.0)
      rspec-expectations (~> 2.12.0)
      rspec-mocks (~> 2.12.0)
    rspec-core (2.12.2)
    rspec-expectations (2.12.1)
      diff-lcs (~> 1.1.3)
    rspec-mocks (2.12.1)
    slop (3.3.3)
    thor (0.16.0)

PLATFORMS
  ruby

DEPENDENCIES
  guard
  guard-bundler
  guard-rack
  net-http-spy
  nokogiri
  pry
  puma
  rack-test
  rake
  rest-client
  rspec
  rspec-core
  rspec-expectations
  rspec-mocks
